GEM
  remote: https://rubygems.org/
  specs:
    puppet-lint (1.1.0)
    rake (10.1.0)

PLATFORMS
  ruby

DEPENDENCIES
  puppet-lint
  rake

BUNDLED WITH
   1.10.6
